GIT
  remote: https://github.com/mbleigh/acts-as-taggable-on
  revision: 4d9a10c25e106bd2467662baea58510a17809ca2
  specs:
    acts-as-taggable-on (5.0.0)
      activerecord (>= 4.2.8)

GIT
  remote: https://github.com/norman/friendly_id
  revision: 718b1bcad8e47ccde8a4b559b734505a49d313a7
  specs:
    friendly_id (5.2.1)
      activerecord (>= 4.0.0)

PATH
  remote: ../../forks/formulaic
  specs:
    formulaic (0.4.0)
      activesupport
      capybara
      i18n

PATH
  remote: ../../forks/globalize
  specs:
    globalize (5.1.0.beta1)
      activemodel (>= 4.2, < 5.2)
      activerecord (>= 4.2, < 5.2)
      request_store (~> 1.0)

PATH
  remote: ../../gems/acts_as_published
  specs:
    acts_as_published (1.0.3)
      rails (>= 3.2.0)

PATH
  remote: ../../gems/rails_rad
  specs:
    rails_rad (1.1.4)
      abstract_method
      rails (>= 4.0)
      responders

PATH
  remote: ../../itsf/itsf_backend
  specs:
    itsf_backend (4.0.1)
      bootstrap-kaminari-views
      cocoon
      coffee-rails
      haml-rails
      jquery-rails
      jquery-ui-rails
      kaminari
      kaminari-i18n
      less-rails
      pundit
      rails (>= 4.0)
      rails-i18n
      rails_rad
      ransack
      resource_renderer
      responders
      route_translator
      simple_display
      simple_form
      twitter-bootstrap-rails

PATH
  remote: ../ecm_blog_backend
  specs:
    ecm_blog_backend (0.0.1)
      rails

PATH
  remote: ../ecm_blog
  specs:
    ecm_blog (0.0.1)
      acts_as_published
      rails

PATH
  remote: ../ecm_calendar_helper
  specs:
    ecm_calendar_helper (0.0.3)
      rails (>= 3.2.6)

PATH
  remote: ../ecm_cms2_backend
  specs:
    ecm_cms2_backend (1.2.2)
      coffee-rails
      ecm_cms2
      itsf_backend
      jquery-rails
      rails (>= 4.0)
      rails-i18n
      route_translator

PATH
  remote: ../ecm_cms2
  specs:
    ecm_cms2 (4.1.1)
      RedCloth
      awesome_nested_set
      draper
      itsf_services
      rails (>= 4.0)
      simple-navigation
      simple-navigation-bootstrap

PATH
  remote: ../ecm_comments_backend
  specs:
    ecm_comments_backend (0.0.1)
      rails

PATH
  remote: ../ecm_comments
  specs:
    ecm_comments (0.0.1)
      rails

PATH
  remote: ../ecm_contact2
  specs:
    ecm_contact2 (4.0.1)
      mail_form
      rails (>= 4.0)
      simple_form

PATH
  remote: ../ecm_core_info_backend
  specs:
    ecm_core_info_backend (0.0.6)
      rails

PATH
  remote: ../ecm_courses2_backend
  specs:
    ecm_courses2_backend (0.1.3)
      itsf_backend
      rails (>= 4.0)

PATH
  remote: ../ecm_courses2
  specs:
    ecm_courses2 (1.0.3)
      acts_as_list
      awesome_nested_set
      awesome_nested_set-tools
      ecm_calendar_helper (>= 0.0.1)
      friendly_id
      haml-rails
      icalendar
      rails (>= 4.0)
      route_translator
      validates_timeliness

PATH
  remote: ../ecm_downloads2_backend
  specs:
    ecm_downloads2_backend (2.0.2)
      coffee-rails
      ecm_cms2
      itsf_backend
      jquery-rails
      rails (> 4.0)
      rails-i18n
      route_translator

PATH
  remote: ../ecm_downloads2
  specs:
    ecm_downloads2 (5.0.1)
      acts_as_list
      acts_as_published
      awesome_nested_set
      awesome_nested_set-tools
      draper
      friendly_id
      haml-rails
      paperclip
      rails (>= 4.0)
      twitter-bootstrap-components-rails

PATH
  remote: ../ecm_lightbox2
  specs:
    ecm_lightbox2 (1.1.2)
      bootstrap-addons-rails
      rails (>= 4.0)

PATH
  remote: ../ecm_links2_backend
  specs:
    ecm_links2_backend (2.0.2)
      coffee-rails
      ecm_links2
      itsf_backend
      jquery-rails
      rails (>= 4.0)
      rails-i18n
      route_translator

PATH
  remote: ../ecm_links2
  specs:
    ecm_links2 (3.0.1)
      RedCloth
      acts_as_list
      awesome_nested_set
      awesome_nested_set-tools
      draper
      friendly_id
      rails (>= 4.0)

PATH
  remote: ../ecm_news2_backend
  specs:
    ecm_news2_backend (1.2.5)
      coffee-rails
      ecm_news2 (>= 2.0.8)
      itsf_backend
      jquery-rails
      rails (>= 4.0)
      rails-i18n
      route_translator

PATH
  remote: ../ecm_news2
  specs:
    ecm_news2 (5.0.1)
      acts_as_markup
      acts_as_published
      bootstrap-kaminari-views
      ecm_pictures2
      friendly_id (>= 5.0)
      haml-rails
      kaminari
      rails (>= 4.0)
      twitter-bootstrap-components-rails

PATH
  remote: ../ecm_pictures2_backend
  specs:
    ecm_pictures2_backend (3.2.0)
      coffee-rails
      ecm_pictures2
      itsf_backend
      jpeg_camera
      jquery-rails
      rails (>= 4.0)
      rails-i18n
      route_translator

PATH
  remote: ../ecm_pictures2
  specs:
    ecm_pictures2 (5.1.0)
      RedCloth
      acts_as_list
      acts_as_markup
      friendly_id
      haml-rails
      paperclip
      rails (>= 4.0)
      route_translator
      twitter-bootstrap-components-rails

PATH
  remote: ../ecm_rbac_backend
  specs:
    ecm_rbac_backend (0.0.11)
      ecm_rbac
      itsf_backend
      rails

PATH
  remote: ../ecm_rbac
  specs:
    ecm_rbac (0.0.10)
      rails

PATH
  remote: ../ecm_references2_backend
  specs:
    ecm_references2_backend (1.0.3)
      coffee-rails
      ecm_references2
      itsf_backend
      jquery-rails
      rails (>= 4.0)
      rails-i18n
      route_translator

PATH
  remote: ../ecm_references2
  specs:
    ecm_references2 (2.0.1)
      acts_as_list
      acts_as_markup
      acts_as_published
      awesome_nested_set
      awesome_nested_set-tools
      bootstrap-kaminari-views
      ecm_pictures2
      friendly_id
      haml-rails
      kaminari
      rails (>= 4.0)

PATH
  remote: ../ecm_sliders2
  specs:
    ecm_sliders2 (0.0.1)
      acts_as_list
      acts_as_markup
      friendly_id
      paperclip
      rails

PATH
  remote: ../ecm_staff2_backend
  specs:
    ecm_staff2_backend (0.1.3)
      itsf_backend
      rails (>= 4.0)

PATH
  remote: ../ecm_staff2
  specs:
    ecm_staff2 (3.0.2)
      awesome_nested_set
      friendly_id
      rails (>= 4.0)
      route_translator

PATH
  remote: ../ecm_tags_backend
  specs:
    ecm_tags_backend (0.0.4)
      ecm_tags
      rails

PATH
  remote: ../ecm_tags
  specs:
    ecm_tags (1.0.0)
      acts-as-taggable-on
      haml-rails
      rails
      responders
      simple_form

PATH
  remote: ../ecm_time_tracking_backend
  specs:
    ecm_time_tracking_backend (0.1.1)
      chartkick
      rails

PATH
  remote: ../ecm_time_tracking
  specs:
    ecm_time_tracking (0.1.2)
      rails

PATH
  remote: ../ecm_translations2_backend
  specs:
    ecm_translations2_backend (1.0.4)
      coffee-rails
      ecm_translations2
      itsf_backend
      jquery-rails
      rails (>= 4.0)
      rails-i18n
      route_translator

PATH
  remote: ../ecm_translations2
  specs:
    ecm_translations2 (4.0.1)
      i18n-active_record
      rails

PATH
  remote: ../ecm_user_area2_backend
  specs:
    ecm_user_area2_backend (1.1.1)
      ecm_user_area2
      itsf_backend
      rails
      rails-i18n

PATH
  remote: ../ecm_user_area2
  specs:
    ecm_user_area2 (2.1.0)
      active_model_serializers
      authlogic
      bcrypt
      haml-rails
      itsf_services
      rails (>= 4.0)
      rails_rad
      resource_renderer
      simple_form

PATH
  remote: ../ecm_videos_backend
  specs:
    ecm_videos_backend (1.0.1)
      rails

PATH
  remote: ../ecm_videos
  specs:
    ecm_videos (1.0.4)
      RedCloth
      acts_as_list
      acts_as_published
      haml-rails
      paperclip
      paperclip-av-transcoder
      rails
      rails_rad
      resource_renderer

PATH
  remote: ../ecm_youtube_backend
  specs:
    ecm_youtube_backend (1.0.2)
      ecm_youtube
      itsf_backend
      rails (>= 4.0)

PATH
  remote: ../ecm_youtube
  specs:
    ecm_youtube (1.0.1)
      acts_as_list
      acts_as_published
      rails (>= 4.0)
      rails_translates_value
      video_info

GEM
  remote: https://rubygems.org/
  specs:
    RedCloth (4.3.2)
    abstract_method (1.2.1)
    actioncable (5.1.1)
      actionpack (= 5.1.1)
      nio4r (~> 2.0)
      websocket-driver (~> 0.6.1)
    actionmailer (5.1.1)
      actionpack (= 5.1.1)
      actionview (= 5.1.1)
      activejob (= 5.1.1)
      mail (~> 2.5, >= 2.5.4)
      rails-dom-testing (~> 2.0)
    actionpack (5.1.1)
      actionview (= 5.1.1)
      activesupport (= 5.1.1)
      rack (~> 2.0)
      rack-test (~> 0.6.3)
      rails-dom-testing (~> 2.0)
      rails-html-sanitizer (~> 1.0, >= 1.0.2)
    actionview (5.1.1)
      activesupport (= 5.1.1)
      builder (~> 3.1)
      erubi (~> 1.4)
      rails-dom-testing (~> 2.0)
      rails-html-sanitizer (~> 1.0, >= 1.0.3)
    active_model_serializers (0.10.6)
      actionpack (>= 4.1, < 6)
      activemodel (>= 4.1, < 6)
      case_transform (>= 0.2)
      jsonapi-renderer (>= 0.1.1.beta1, < 0.2)
    activejob (5.1.1)
      activesupport (= 5.1.1)
      globalid (>= 0.3.6)
    activemodel (5.1.1)
      activesupport (= 5.1.1)
    activemodel-serializers-xml (1.0.1)
      activemodel (> 5.x)
      activerecord (> 5.x)
      activesupport (> 5.x)
      builder (~> 3.1)
    activerecord (5.1.1)
      activemodel (= 5.1.1)
      activesupport (= 5.1.1)
      arel (~> 8.0)
    activesupport (5.1.1)
      concurrent-ruby (~> 1.0, >= 1.0.2)
      i18n (~> 0.7)
      minitest (~> 5.1)
      tzinfo (~> 1.1)
    acts_as_list (0.9.5)
      activerecord (>= 3.0)
    acts_as_markup (2.0.2)
      activerecord (>= 3.0.20)
      activesupport (>= 3.0.20)
      rdiscount
    addressable (2.5.1)
      public_suffix (~> 2.0, >= 2.0.2)
    ansi (1.5.0)
    arel (8.0.0)
    ast (2.3.0)
    authlogic (3.6.0)
      activerecord (>= 3.2, < 5.2)
      activesupport (>= 3.2, < 5.2)
      request_store (~> 1.0)
      scrypt (>= 1.2, < 4.0)
    av (0.9.0)
      cocaine (~> 0.5.3)
    awesome_nested_set (3.1.3)
      activerecord (>= 4.0.0, < 5.2)
    awesome_nested_set-tools (1.0.2)
      rails (>= 3.2)
    bcrypt (3.1.11)
    bindex (0.5.0)
    bootstrap-addons-rails (0.1.2)
      rails
    bootstrap-kaminari-views (0.0.5)
      kaminari (>= 0.13)
      rails (>= 3.1)
    builder (3.2.3)
    byebug (9.0.6)
    capybara (2.14.0)
      addressable
      mime-types (>= 1.16)
      nokogiri (>= 1.3.3)
      rack (>= 1.0.0)
      rack-test (>= 0.5.4)
      xpath (~> 2.0)
    case_transform (0.2)
      activesupport
    chartkick (2.2.4)
    childprocess (0.7.0)
      ffi (~> 1.0, >= 1.0.11)
    climate_control (0.2.0)
    cocaine (0.5.8)
      climate_control (>= 0.0.3, < 1.0)
    cocoon (1.2.10)
    coderay (1.1.1)
    coffee-rails (4.2.2)
      coffee-script (>= 2.2.0)
      railties (>= 4.0.0)
    coffee-script (2.4.1)
      coffee-script-source
      execjs
    coffee-script-source (1.12.2)
    commonjs (0.2.7)
    concurrent-ruby (1.0.5)
    diff-lcs (1.3)
    draper (3.0.0)
      actionpack (~> 5.0)
      activemodel (~> 5.0)
      activemodel-serializers-xml (~> 1.0)
      activesupport (~> 5.0)
      request_store (~> 1.0)
    erubi (1.6.0)
    erubis (2.7.0)
    execjs (2.7.0)
    factory_girl (4.8.0)
      activesupport (>= 3.0.0)
    factory_girl_rails (4.8.0)
      factory_girl (~> 4.8.0)
      railties (>= 3.0.0)
    ffi (1.9.18)
    ffi-compiler (1.0.1)
      ffi (>= 1.0.0)
      rake
    formatador (0.2.5)
    globalid (0.4.0)
      activesupport (>= 4.2.0)
    guard (2.14.1)
      formatador (>= 0.2.4)
      listen (>= 2.7, < 4.0)
      lumberjack (~> 1.0)
      nenv (~> 0.1)
      notiffany (~> 0.0)
      pry (>= 0.9.12)
      shellany (~> 0.0)
      thor (>= 0.18.1)
    guard-bundler (2.1.0)
      bundler (~> 1.0)
      guard (~> 2.2)
      guard-compat (~> 1.1)
    guard-compat (1.2.1)
    guard-rails (0.8.0)
      guard (~> 2.11)
      guard-compat (~> 1.0)
    guard-rspec (4.7.3)
      guard (~> 2.1)
      guard-compat (~> 1.1)
      rspec (>= 2.99.0, < 4.0)
    haml (5.0.1)
      temple (>= 0.8.0)
      tilt
    haml-rails (1.0.0)
      actionpack (>= 4.0.1)
      activesupport (>= 4.0.1)
      haml (>= 4.0.6, < 6.0)
      html2haml (>= 1.0.1)
      railties (>= 4.0.1)
    html2haml (2.2.0)
      erubis (~> 2.7.0)
      haml (>= 4.0, < 6)
      nokogiri (>= 1.6.0)
      ruby_parser (~> 3.5)
    i18n (0.8.4)
    i18n-active_record (0.2.0)
      i18n (>= 0.5.0)
    i18n-debug (1.1.0)
      i18n (< 1)
    icalendar (2.4.1)
    iso8601 (0.9.1)
    itsf_services (0.3.0)
      rails (>= 4.0)
    jbuilder (2.6.4)
      activesupport (>= 3.0.0)
      multi_json (>= 1.2)
    jpeg_camera (1.3.2)
      railties (>= 3.1)
    jquery-rails (4.3.1)
      rails-dom-testing (>= 1, < 3)
      railties (>= 4.2.0)
      thor (>= 0.14, < 2.0)
    jquery-ui-rails (6.0.1)
      railties (>= 3.2.16)
    jsonapi-renderer (0.1.2)
    kaminari (1.0.1)
      activesupport (>= 4.1.0)
      kaminari-actionview (= 1.0.1)
      kaminari-activerecord (= 1.0.1)
      kaminari-core (= 1.0.1)
    kaminari-actionview (1.0.1)
      actionview
      kaminari-core (= 1.0.1)
    kaminari-activerecord (1.0.1)
      activerecord
      kaminari-core (= 1.0.1)
    kaminari-core (1.0.1)
    kaminari-i18n (0.4.0)
      kaminari
      rails
    launchy (2.4.3)
      addressable (~> 2.3)
    less (2.6.0)
      commonjs (~> 0.2.7)
    less-rails (2.8.0)
      actionpack (>= 4.0)
      less (~> 2.6.0)
      sprockets (> 2, < 4)
      tilt
    libv8 (3.16.14.19)
    listen (3.1.5)
      rb-fsevent (~> 0.9, >= 0.9.4)
      rb-inotify (~> 0.9, >= 0.9.7)
      ruby_dep (~> 1.2)
    loofah (2.0.3)
      nokogiri (>= 1.5.9)
    lumberjack (1.0.12)
    mail (2.6.5)
      mime-types (>= 1.16, < 4)
    mail_form (1.3.0)
    method_source (0.8.2)
    mime-types (3.1)
      mime-types-data (~> 3.2015)
    mime-types-data (3.2016.0521)
    mimemagic (0.3.2)
    mini_portile2 (2.1.0)
    minitest (5.10.2)
    multi_json (1.12.1)
    nenv (0.3.0)
    net_http_timeout_errors (0.3.0)
    nio4r (2.1.0)
    nokogiri (1.7.2)
      mini_portile2 (~> 2.1.0)
    notiffany (0.1.1)
      nenv (~> 0.1)
      shellany (~> 0.0)
    oga (2.10)
      ast
      ruby-ll (~> 2.1)
    paperclip (5.1.0)
      activemodel (>= 4.2.0)
      activesupport (>= 4.2.0)
      cocaine (~> 0.5.5)
      mime-types
      mimemagic (~> 0.3.0)
    paperclip-av-transcoder (0.6.4)
      av (~> 0.9.0)
      paperclip (>= 2.5.2)
    polyamorous (1.3.1)
      activerecord (>= 3.0)
    pry (0.10.4)
      coderay (~> 1.1.0)
      method_source (~> 0.8.1)
      slop (~> 3.4)
    pry-rails (0.3.6)
      pry (>= 0.10.4)
    public_suffix (2.0.5)
    puma (3.9.1)
    pundit (1.1.0)
      activesupport (>= 3.0.0)
    rack (2.0.3)
    rack-test (0.6.3)
      rack (>= 1.0)
    rails (5.1.1)
      actioncable (= 5.1.1)
      actionmailer (= 5.1.1)
      actionpack (= 5.1.1)
      actionview (= 5.1.1)
      activejob (= 5.1.1)
      activemodel (= 5.1.1)
      activerecord (= 5.1.1)
      activesupport (= 5.1.1)
      bundler (>= 1.3.0, < 2.0)
      railties (= 5.1.1)
      sprockets-rails (>= 2.0.0)
    rails-dom-testing (2.0.3)
      activesupport (>= 4.2.0)
      nokogiri (>= 1.6)
    rails-html-sanitizer (1.0.3)
      loofah (~> 2.0)
    rails-i18n (5.0.4)
      i18n (~> 0.7)
      railties (~> 5.0)
    rails_translates_value (0.0.2)
      rails (>= 4.0)
    railties (5.1.1)
      actionpack (= 5.1.1)
      activesupport (= 5.1.1)
      method_source
      rake (>= 0.8.7)
      thor (>= 0.18.1, < 2.0)
    rake (12.0.0)
    ransack (1.8.3)
      actionpack (>= 3.0)
      activerecord (>= 3.0)
      activesupport (>= 3.0)
      i18n
      polyamorous (~> 1.3)
    rb-fsevent (0.9.8)
    rb-inotify (0.9.8)
      ffi (>= 0.5.0)
    rdiscount (2.2.0.1)
    ref (2.0.0)
    request_store (1.3.2)
    resource_renderer (1.3.0)
      itsf_services
      rails (>= 4.0)
    responders (2.4.0)
      actionpack (>= 4.2.0, < 5.3)
      railties (>= 4.2.0, < 5.3)
    route_translator (5.4.1)
      actionpack (>= 5.0.0.1, < 5.2)
      activesupport (>= 5.0.0.1, < 5.2)
    rspec (3.6.0)
      rspec-core (~> 3.6.0)
      rspec-expectations (~> 3.6.0)
      rspec-mocks (~> 3.6.0)
    rspec-core (3.6.0)
      rspec-support (~> 3.6.0)
    rspec-expectations (3.6.0)
      diff-lcs (>= 1.2.0, < 2.0)
      rspec-support (~> 3.6.0)
    rspec-mocks (3.6.0)
      diff-lcs (>= 1.2.0, < 2.0)
      rspec-support (~> 3.6.0)
    rspec-rails (3.6.0)
      actionpack (>= 3.0)
      activesupport (>= 3.0)
      railties (>= 3.0)
      rspec-core (~> 3.6.0)
      rspec-expectations (~> 3.6.0)
      rspec-mocks (~> 3.6.0)
      rspec-support (~> 3.6.0)
    rspec-support (3.6.0)
    ruby-ll (2.1.2)
      ansi
      ast
    ruby_dep (1.5.0)
    ruby_parser (3.9.0)
      sexp_processor (~> 4.1)
    rubyzip (1.2.1)
    sass (3.4.24)
    sass-rails (5.0.6)
      railties (>= 4.0.0, < 6)
      sass (~> 3.1)
      sprockets (>= 2.8, < 4.0)
      sprockets-rails (>= 2.0, < 4.0)
      tilt (>= 1.1, < 3)
    scrypt (3.0.5)
      ffi-compiler (>= 1.0, < 2.0)
    selenium-webdriver (3.4.2)
      childprocess (~> 0.5)
      rubyzip (~> 1.0)
    sexp_processor (4.9.0)
    shellany (0.0.1)
    shoulda-matchers (3.1.1)
      activesupport (>= 4.0.0)
    simple-navigation (3.14.0)
      activesupport (>= 2.3.2)
    simple-navigation-bootstrap (1.0.2)
      railties (>= 3.1)
      simple-navigation (>= 3.7.0, < 4.0.0)
    simple_display (0.0.1.alpha3)
    simple_form (3.5.0)
      actionpack (> 4, < 5.2)
      activemodel (> 4, < 5.2)
    slop (3.6.0)
    spring (2.0.2)
      activesupport (>= 4.2)
    spring-watcher-listen (2.0.1)
      listen (>= 2.7, < 4.0)
      spring (>= 1.2, < 3.0)
    sprockets (3.7.1)
      concurrent-ruby (~> 1.0)
      rack (> 1, < 3)
    sprockets-rails (3.2.0)
      actionpack (>= 4.0)
      activesupport (>= 4.0)
      sprockets (>= 3.0.0)
    sqlite3 (1.3.13)
    temple (0.8.0)
    therubyracer (0.12.3)
      libv8 (~> 3.16.14.15)
      ref
    thor (0.19.4)
    thread_safe (0.3.6)
    tilt (2.0.7)
    timeliness (0.3.8)
    turbolinks (5.0.1)
      turbolinks-source (~> 5)
    turbolinks-source (5.0.3)
    twitter-bootstrap-components-rails (0.2.4)
      haml-rails
      jquery-rails
      rails (>= 3.2)
    twitter-bootstrap-rails (4.0.0)
      actionpack (~> 5.0, >= 5.0.1)
      execjs (~> 2.7)
      less-rails (~> 2.8, >= 2.8.0)
      railties (~> 5.0, >= 5.0.1)
    tzinfo (1.2.3)
      thread_safe (~> 0.1)
    uglifier (3.2.0)
      execjs (>= 0.3.0, < 3)
    validates_timeliness (4.0.2)
      timeliness (~> 0.3.7)
    video_info (2.7)
      iso8601 (~> 0.9.1)
      net_http_timeout_errors (~> 0.3.0)
      oga (~> 2.7)
    web-console (3.5.1)
      actionview (>= 5.0)
      activemodel (>= 5.0)
      bindex (>= 0.4.0)
      railties (>= 5.0)
    websocket-driver (0.6.5)
      websocket-extensions (>= 0.1.0)
    websocket-extensions (0.1.2)
    xpath (2.1.0)
      nokogiri (~> 1.3)

PLATFORMS
  ruby

DEPENDENCIES
  acts-as-taggable-on!
  acts_as_published!
  byebug
  capybara
  coffee-rails (~> 4.2)
  ecm_blog!
  ecm_blog_backend!
  ecm_calendar_helper!
  ecm_cms2!
  ecm_cms2_backend!
  ecm_comments!
  ecm_comments_backend!
  ecm_contact2!
  ecm_core_info_backend!
  ecm_courses2!
  ecm_courses2_backend!
  ecm_downloads2!
  ecm_downloads2_backend!
  ecm_lightbox2!
  ecm_links2!
  ecm_links2_backend!
  ecm_news2!
  ecm_news2_backend!
  ecm_pictures2!
  ecm_pictures2_backend!
  ecm_rbac!
  ecm_rbac_backend!
  ecm_references2!
  ecm_references2_backend!
  ecm_sliders2!
  ecm_staff2!
  ecm_staff2_backend!
  ecm_tags!
  ecm_tags_backend!
  ecm_time_tracking!
  ecm_time_tracking_backend!
  ecm_translations2!
  ecm_translations2_backend!
  ecm_user_area2!
  ecm_user_area2_backend!
  ecm_videos!
  ecm_videos_backend!
  ecm_youtube!
  ecm_youtube_backend!
  factory_girl_rails
  formulaic!
  friendly_id!
  globalize!
  guard-bundler
  guard-rails
  guard-rspec
  i18n-debug
  itsf_backend!
  jbuilder (~> 2.5)
  launchy
  listen (>= 3.0.5, < 3.2)
  pry-rails
  puma (~> 3.7)
  rails (~> 5.1.0)
  rails_rad!
  rspec-rails
  sass-rails (~> 5.0)
  selenium-webdriver
  shoulda-matchers
  spring
  spring-watcher-listen (~> 2.0.0)
  sqlite3
  therubyracer
  turbolinks (~> 5)
  tzinfo-data
  uglifier (>= 1.3.0)
  web-console (>= 3.3.0)

BUNDLED WITH
   1.14.6
